GIT
  remote: https://github.com/mitchellh/vagrant.git
  revision: 4ce8d84f7e6709e4478612a9f0810dc686076ee0
  specs:
    vagrant (2.2.6.dev)
      bcrypt_pbkdf (~> 1.0.0)
      childprocess (~> 0.6.0)
      ed25519 (~> 1.2.4)
      erubis (~> 2.7.0)
      hashicorp-checkpoint (~> 0.1.5)
      i18n (~> 1.1.1)
      listen (~> 3.1.5)
      log4r (~> 1.1.9, < 1.1.11)
      net-scp (~> 1.2.0)
      net-sftp (~> 2.1)
      net-ssh (~> 5.1.0)
      rb-kqueue (~> 0.2.0)
      rest-client (>= 1.6.0, < 3.0)
      ruby_dep (<= 1.3.1)
      rubyzip (~> 1.2.2)
      vagrant_cloud (~> 2.0.2)
      wdm (~> 0.1.0)
      winrm (~> 2.1)
      winrm-elevated (~> 1.1)
      winrm-fs (~> 1.0)

PATH
  remote: .
  specs:
    vagrant-butcher (2.3.2.pre)
      ridley (~> 5.1)

GEM
  remote: https://rubygems.org/
  specs:
    addressable (2.6.0)
      public_suffix (>= 2.0.2, < 4.0)
    bcrypt_pbkdf (1.0.1)
    buff-config (2.0.0)
      buff-extensions (~> 2.0)
      varia_model (~> 0.6)
    buff-extensions (2.0.0)
    buff-ignore (1.2.0)
    buff-ruby_engine (1.0.0)
    buff-shell_out (1.1.0)
      buff-ruby_engine (~> 1.0)
    builder (3.2.3)
    byebug (11.0.1)
    celluloid (0.16.0)
      timers (~> 4.0.0)
    celluloid-io (0.16.2)
      celluloid (>= 0.16.0)
      nio4r (>= 1.1.0)
    chef-config (15.1.36)
      addressable
      fuzzyurl
      mixlib-config (>= 2.2.12, < 4.0)
      mixlib-shellout (>= 2.0, < 4.0)
      tomlrb (~> 1.2)
    childprocess (0.6.3)
      ffi (~> 1.0, >= 1.0.11)
    coderay (1.1.2)
    concurrent-ruby (1.1.5)
    date (2.0.0)
    did_you_mean (1.2.0)
    diff-lcs (1.3)
    domain_name (0.5.20180417)
      unf (>= 0.0.5, < 1.0.0)
    ed25519 (1.2.4)
    erubis (2.7.0)
    faraday (0.15.4)
      multipart-post (>= 1.2, < 3)
    ffi (1.11.1)
    fileutils (1.2.0)
    fuzzyurl (0.9.0)
    gssapi (1.3.0)
      ffi (>= 1.0.1)
    gyoku (1.3.1)
      builder (>= 2.1.2)
    hashicorp-checkpoint (0.1.5)
    hashie (3.6.0)
    hitimes (1.3.1)
    http-cookie (1.0.3)
      domain_name (~> 0.5)
    httpclient (2.8.3)
    i18n (1.1.1)
      concurrent-ruby (~> 1.0)
    json (2.2.0)
    listen (3.1.5)
      rb-fsevent (~> 0.9, >= 0.9.4)
      rb-inotify (~> 0.9, >= 0.9.7)
      ruby_dep (~> 1.2)
    little-plugger (1.1.4)
    log4r (1.1.10)
    logging (2.2.2)
      little-plugger (~> 1.1)
      multi_json (~> 1.10)
    method_source (0.9.2)
    mime-types (3.2.2)
      mime-types-data (~> 3.2015)
    mime-types-data (3.2019.0331)
    mixlib-authentication (3.0.1)
    mixlib-config (3.0.1)
      tomlrb
    mixlib-shellout (3.0.4)
    multi_json (1.13.1)
    multipart-post (2.1.1)
    net-scp (1.2.1)
      net-ssh (>= 2.6.5)
    net-sftp (2.1.2)
      net-ssh (>= 2.6.5)
    net-ssh (5.1.0)
    netrc (0.11.0)
    nio4r (2.3.1)
    nori (2.6.0)
    pry (0.12.2)
      coderay (~> 1.1.0)
      method_source (~> 0.9.0)
    pry-byebug (3.7.0)
      byebug (~> 11.0)
      pry (~> 0.10)
    public_suffix (3.1.1)
    rb-fsevent (0.10.3)
    rb-inotify (0.10.0)
      ffi (~> 1.0)
    rb-kqueue (0.2.5)
      ffi (>= 0.5.0)
    rest-client (2.0.2)
      http-cookie (>= 1.0.2, < 2.0)
      mime-types (>= 1.16, < 4.0)
      netrc (~> 0.8)
    retryable (2.0.4)
    ridley (5.1.1)
      addressable
      buff-config (~> 2.0)
      buff-extensions (~> 2.0)
      buff-ignore (~> 1.2)
      buff-shell_out (~> 1.0)
      celluloid (~> 0.16.0)
      celluloid-io (~> 0.16.1)
      chef-config (>= 12.5.0)
      erubis
      faraday (~> 0.9)
      hashie (>= 2.0.2, < 4.0.0)
      httpclient (~> 2.7)
      json (>= 1.7.7)
      mixlib-authentication (>= 1.3.0)
      retryable (~> 2.0)
      semverse (~> 2.0)
      varia_model (~> 0.6)
    rspec (3.8.0)
      rspec-core (~> 3.8.0)
      rspec-expectations (~> 3.8.0)
      rspec-mocks (~> 3.8.0)
    rspec-core (3.8.2)
      rspec-support (~> 3.8.0)
    rspec-expectations (3.8.4)
      diff-lcs (>= 1.2.0, < 2.0)
      rspec-support (~> 3.8.0)
    rspec-mocks (3.8.1)
      diff-lcs (>= 1.2.0, < 2.0)
      rspec-support (~> 3.8.0)
    rspec-support (3.8.2)
    ruby_dep (1.3.1)
    rubyntlm (0.6.2)
    rubyzip (1.2.3)
    semverse (2.0.0)
    timers (4.0.4)
      hitimes
    tomlrb (1.2.8)
    unf (0.1.4)
      unf_ext
    unf_ext (0.0.7.6)
    vagrant_cloud (2.0.2)
      rest-client (~> 2.0.2)
    varia_model (0.6.0)
      buff-extensions (~> 2.0)
      hashie (>= 2.0.2, < 4.0.0)
    wdm (0.1.1)
    winrm (2.3.2)
      builder (>= 2.1.2)
      erubis (~> 2.7)
      gssapi (~> 1.2)
      gyoku (~> 1.0)
      httpclient (~> 2.2, >= 2.2.0.2)
      logging (>= 1.6.1, < 3.0)
      nori (~> 2.0)
      rubyntlm (~> 0.6.0, >= 0.6.1)
    winrm-elevated (1.1.1)
      winrm (~> 2.0)
      winrm-fs (~> 1.0)
    winrm-fs (1.3.2)
      erubis (~> 2.7)
      logging (>= 1.6.1, < 3.0)
      rubyzip (~> 1.1)
      winrm (~> 2.0)

PLATFORMS
  ruby

DEPENDENCIES
  date
  did_you_mean (= 1.2.0)
  fileutils
  pry-byebug
  rspec
  vagrant!
  vagrant-butcher!

BUNDLED WITH
   1.16.4
